PATH
  remote: .
  specs:
    iq_rdf (0.1.16)
      activesupport
      builder
      bundler

GEM
  remote: https://rubygems.org/
  specs:
    activesupport (6.0.3.1)
      concurrent-ruby (~> 1.0, >= 1.0.2)
      i18n (>= 0.7, < 2)
      minitest (~> 5.1)
      tzinfo (~> 1.1)
      zeitwerk (~> 2.2, >= 2.2.2)
    builder (3.2.3)
    concurrent-ruby (1.1.6)
    i18n (1.8.2)
      concurrent-ruby (~> 1.0)
    minitest (5.14.0)
    rake (13.0.1)
    rdoc (6.0.3)
    thread_safe (0.3.6)
    thread_safe (0.3.6-java)
    tzinfo (1.2.7)
      thread_safe (~> 0.1)
    zeitwerk (2.3.0)

PLATFORMS
  java
  ruby

DEPENDENCIES
  activesupport (~> 6.0.3)
  iq_rdf!
  minitest
  rake
  rdoc

BUNDLED WITH
   1.17.3
