PATH
  remote: .
  specs:
    iq_rdf (0.1.16)
      activesupport
      builder
      bundler

GEM
  remote: https://rubygems.org/
  specs:
    activesupport (4.1.16)
      i18n (~> 0.6, >= 0.6.9)
      json (~> 1.7, >= 1.7.7)
      minitest (~> 5.1)
      thread_safe (~> 0.1)
      tzinfo (~> 1.1)
    builder (3.2.3)
    concurrent-ruby (1.0.5)
    concurrent-ruby (1.0.5-java)
    i18n (0.9.5)
      concurrent-ruby (~> 1.0)
    json (1.8.6)
    json (1.8.6-java)
    minitest (5.11.3)
    rake (12.3.1)
    rdoc (6.0.3)
    thread_safe (0.3.6)
    thread_safe (0.3.6-java)
    tzinfo (1.2.5)
      thread_safe (~> 0.1)

PLATFORMS
  java
  ruby

DEPENDENCIES
  activesupport (~> 4.1.16)
  iq_rdf!
  minitest
  rake
  rdoc

BUNDLED WITH
   1.16.1
