PATH
  remote: .
  specs:
    iq_rdf (0.1.17)
      activesupport
      builder
      bundler

GEM
  remote: https://rubygems.org/
  specs:
    activesupport (7.0.4.1)
      concurrent-ruby (~> 1.0, >= 1.0.2)
      i18n (>= 1.6, < 2)
      minitest (>= 5.1)
      tzinfo (~> 2.0)
    builder (3.2.4)
    concurrent-ruby (1.1.10)
    i18n (1.12.0)
      concurrent-ruby (~> 1.0)
    minitest (5.15.0)
    rake (13.0.1)
    rdoc (6.3.3)
    tzinfo (2.0.5)
      concurrent-ruby (~> 1.0)

PLATFORMS
  java
  ruby

DEPENDENCIES
  activesupport
  iq_rdf!
  minitest
  rake
  rdoc

BUNDLED WITH
   1.17.3
