PATH
  remote: .
  specs:
    iq_rdf (0.1.16)
      activesupport
      builder
      bundler

GEM
  remote: https://rubygems.org/
  specs:
    activesupport (3.2.22.5)
      i18n (~> 0.6, >= 0.6.4)
      multi_json (~> 1.0)
    builder (3.2.3)
    concurrent-ruby (1.0.5)
    concurrent-ruby (1.0.5-java)
    i18n (0.9.5)
      concurrent-ruby (~> 1.0)
    minitest (5.11.3)
    multi_json (1.13.1)
    rake (12.3.1)
    rdoc (6.0.3)

PLATFORMS
  java
  ruby

DEPENDENCIES
  activesupport (~> 3.2.13)
  iq_rdf!
  minitest
  rake
  rdoc

BUNDLED WITH
   1.16.1
