PATH
  remote: .
  specs:
    iq_rdf (0.1.16)
      activesupport
      builder
      bundler

GEM
  remote: https://rubygems.org/
  specs:
    activesupport (3.2.11)
      i18n (~> 0.6)
      multi_json (~> 1.0)
    builder (3.2.3)
    i18n (0.6.1)
    json (1.8.6)
    json (1.8.6-java)
    minitest (5.7.0)
    multi_json (1.5.0)
    rake (0.9.2.2)
    rdoc (3.12)
      json (~> 1.4)

PLATFORMS
  java
  ruby

DEPENDENCIES
  activesupport
  iq_rdf!
  minitest
  rake
  rdoc

BUNDLED WITH
   1.15.1
